GIT
  remote: git://github.com/dmrschmidt/ios-toolchain.git
  revision: 56aa82aa1214e880cc12dfa1e56532041751f9c2
  specs:
    ios_toolchain (0.1.0)
      bundler (~> 1.0)
      rake (~> 12.0)
      xcodeproj (~> 0.3)
      xcpretty (~> 0.2)

GEM
  remote: https://rubygems.org/
  specs:
    activesupport (5.0.1)
      concurrent-ruby (~> 1.0, >= 1.0.2)
      i18n (~> 0.7)
      minitest (~> 5.1)
      tzinfo (~> 1.1)
    claide (0.9.1)
    colored (1.2)
    concurrent-ruby (1.0.4)
    i18n (0.8.0)
    minitest (5.10.1)
    rake (12.0.0)
    rouge (1.11.1)
    thread_safe (0.3.5)
    tzinfo (1.2.2)
      thread_safe (~> 0.1)
    xcodeproj (0.28.2)
      activesupport (>= 3)
      claide (~> 0.9.1)
      colored (~> 1.2)
    xcpretty (0.2.4)
      rouge (~> 1.8)

PLATFORMS
  ruby

DEPENDENCIES
  ios_toolchain!

BUNDLED WITH
   1.14.3
