GIT
  remote: git://github.com/dmrschmidt/ios-toolchain.git
  revision: b58bab08a622e6bb96d443805b9a7a7af8bfac08
  specs:
    ios_toolchain (0.1.0)
      bundler (~> 1.0)
      rake (~> 12.0)
      xcodeproject (~> 0.3)
      xcpretty (~> 0.2)

GEM
  remote: https://rubygems.org/
  specs:
    json (1.8.6)
    macaddr (1.7.1)
      systemu (~> 2.6.2)
    rake (12.0.0)
    rouge (1.11.1)
    state_machine (1.1.2)
    systemu (2.6.5)
    uuid (2.3.8)
      macaddr (~> 1.0)
    xcodebuild-rb (0.2.0)
      state_machine (~> 1.1.2)
    xcodeproject (0.3.13)
      json (~> 1.8)
      rake (>= 10.0)
      uuid (~> 2.3)
      xcodebuild-rb (~> 0.2.0)
    xcpretty (0.2.4)
      rouge (~> 1.8)

PLATFORMS
  ruby

DEPENDENCIES
  ios_toolchain!

BUNDLED WITH
   1.14.3
